GEM
  remote: https://rubygems.org/
  specs:
    minitest (5.20.0)

PLATFORMS
  x86_64-darwin-21

DEPENDENCIES
  minitest

BUNDLED WITH
   2.4.16
